GEM
  remote: https://rubygems.org/
  specs:
    concurrent-ruby (1.0.0)
    connection_pool (2.2.0)
    newrelic_rpm (3.15.2.317)
    puma (2.14.0)
    rack (1.6.4)
    rack-protection (1.5.3)
      rack
    rake (10.4.2)
    redis (3.2.2)
    sidekiq (4.0.2)
      concurrent-ruby (~> 1.0)
      connection_pool (~> 2.2, >= 2.2.0)
      redis (~> 3.2, >= 3.2.1)
    sinatra (1.4.6)
      rack (~> 1.4)
      rack-protection (~> 1.4)
      tilt (>= 1.3, < 3)
    tilt (2.0.1)

PLATFORMS
  ruby

DEPENDENCIES
  newrelic_rpm (= 3.15.2.317)
  puma (= 2.14.0)
  rake (~> 10.4.0)
  sidekiq
  sinatra

BUNDLED WITH
   1.12.5
